PATH
  remote: .
  specs:
    money_xml_validator (1.0.0)
      nokogiri

GEM
  remote: https://rubygems.org/
  specs:
    mini_portile2 (2.4.0)
    nokogiri (1.10.8)
      mini_portile2 (~> 2.4.0)
    rake (13.0.1)

PLATFORMS
  ruby

DEPENDENCIES
  bundler
  money_xml_validator!
  rake

BUNDLED WITH
   2.0.2
